GEM
  remote: https://rubygems.org/
  specs:
    curses (1.3.2)
    io-console (0.5.5)

PLATFORMS
  ruby

DEPENDENCIES
  curses
  io-console

BUNDLED WITH
   2.1.4
