GEM
  remote: https://rubygems.org/
  specs:
    io-console (0.5.5)

PLATFORMS
  ruby

DEPENDENCIES
  io-console

BUNDLED WITH
   2.1.4
